{
    "Modality":"MR",
    "MagneticFieldStrength":3,
    "ImagingFrequency":123.254,
    "Manufacturer":"Siemens",
    "ManufacturersModelName":"Prisma_fit",
    "InstitutionName":"MIT",
    "InstitutionalDepartmentName":"Department",
    "InstitutionAddress":"Vassar_Street_43_Cambridge_Boston_US_02139",
    "DeviceSerialNumber":"167012",
    "StationName":"MRC35115",
    "BodyPartExamined":"BRAIN",
    "PatientPosition":"HFS",
    "ProcedureStepDescription":"Young_Emily",
    "SoftwareVersions":"syngo_MR_E11",
    "MRAcquisitionType":"2D",
    "SeriesDescription":"FIRSTTHIRD",
    "ProtocolName":"FIRSTTHIRD",
    "ScanningSequence":"EP",
    "SequenceVariant":"SK",
    "ScanOptions":"FS",
    "SequenceName":"_epfid2d1_70",
    "ImageType":[
        "ORIGINAL",
        "PRIMARY",
        "M",
        "ND",
        "MOSAIC"
    ],
    "SeriesNumber":17,
    "AcquisitionTime":"11:42:2.270000",
    "AcquisitionNumber":1,
    "SliceThickness":3,
    "SpacingBetweenSlices":3.54,
    "SAR":0.0983221,
    "EchoTime":0.03,
    "RepetitionTime":2,
    "FlipAngle":90,
    "PartialFourier":1,
    "BaseResolution":70,
    "ShimSetting":[
        -5622,
        -1427,
        3131,
        302,
        -62,
        152,
        -179,
        -35
    ],
    "TxRefAmp":221.035,
    "PhaseResolution":1,
    "ReceiveCoilName":"Head_32",
    "ReceiveCoilActiveElements":"HEA;HEP",
    "PulseSequenceDetails":"%SiemensSeq%_ep2d_pace",
    "ConsistencyInfo":"N4_VE11C_LATEST_20160120",
    "PercentPhaseFOV":100,
    "EchoTrainLength":35,
    "PhaseEncodingSteps":70,
    "AcquisitionMatrixPE":70,
    "ReconMatrixPE":70,
    "BandwidthPerPixelPhaseEncode":57.143,
    "ParallelReductionFactorInPlane":2,
    "EffectiveEchoSpacing":0.000249999,
    "DerivedVendorReportedEchoSpacing":0.000499999,
    "TotalReadoutTime":0.01725,
    "PixelBandwidth":2380,
    "DwellTime":3e-06,
    "PhaseEncodingDirection":"j-",
    "SliceTiming":[
        0,
        0.055,
        0.11,
        0.165,
        0.22,
        0.275,
        0.33,
        0.385,
        0.44,
        0.495,
        0.55,
        0.605,
        0.66,
        0.715,
        0.77,
        0.8225,
        0.8775,
        0.9325,
        0.9875,
        1.0425,
        1.0975,
        1.1525,
        1.2075,
        1.2625,
        1.3175,
        1.3725,
        1.4275,
        1.4825,
        1.5375,
        1.5925,
        1.6475,
        1.7025,
        1.7575,
        1.8125,
        1.8675,
        1.9225
    ],
    "ImageOrientationPatientDICOM":[
        0.997534,
        -0.044139,
        -0.05456,
        0.0200245,
        0.924144,
        -0.381518
    ],
    "InPlanePhaseEncodingDirectionDICOM":"COL",
    "ConversionSoftware":"dcm2niix",
    "ConversionSoftwareVersion":"v1.0.20181125  (JP2:OpenJPEG) (JP-LS:CharLS) GCC5.5.0",
    "TaskName":"firstthird"
}