{
    "Modality":"MR",
    "MagneticFieldStrength":3,
    "ImagingFrequency":123.253,
    "Manufacturer":"Siemens",
    "ManufacturersModelName":"Prisma_fit",
    "InstitutionName":"McGovern_Institute_for_Brain_Research_(3T1)",
    "InstitutionalDepartmentName":"Department",
    "InstitutionAddress":"Vassar_Street_43_Cambridge_Boston_US_02139",
    "DeviceSerialNumber":"167012",
    "StationName":"MRC35115",
    "BodyPartExamined":"BRAIN",
    "PatientPosition":"HFS",
    "ProcedureStepDescription":"Young_Emily",
    "SoftwareVersions":"syngo_MR_E11",
    "MRAcquisitionType":"3D",
    "SeriesDescription":"T1w_MPRAGE_FourEcho_vNav_RMS",
    "ProtocolName":"T1w_MPRAGE_FourEcho_vNav",
    "ScanningSequence":"GR_IR",
    "SequenceVariant":"SK_SP_MP",
    "ScanOptions":"IR_WE",
    "SequenceName":"tfl3d4_16ns",
    "ImageType":[
        "ORIGINAL",
        "PRIMARY",
        "OTHER",
        "ND",
        "NORM",
        "MEAN"
    ],
    "SeriesNumber":10,
    "AcquisitionTime":"09:28:5.752500",
    "AcquisitionNumber":1,
    "SliceThickness":1,
    "SAR":0.045693,
    "EchoTime":0.00169,
    "RepetitionTime":2.53,
    "InversionTime":1.4,
    "FlipAngle":7,
    "PartialFourier":1,
    "BaseResolution":256,
    "ShimSetting":[
        -5613,
        -1502,
        3137,
        399,
        -11,
        -74,
        12,
        -8
    ],
    "TxRefAmp":239.411,
    "PhaseResolution":1,
    "ReceiveCoilName":"Head_32",
    "ReceiveCoilActiveElements":"HEA;HEP",
    "PulseSequenceDetails":"%CustomerSeq%_tfl_mgh_epinav_ABCD",
    "WipMemBlock":"Prisma_epi_moco_navigator_ABCD_tfl.prot",
    "ConsistencyInfo":"N4_VE11C_LATEST_20160120",
    "PercentPhaseFOV":100,
    "PhaseEncodingSteps":255,
    "AcquisitionMatrixPE":256,
    "ReconMatrixPE":256,
    "PixelBandwidth":650,
    "DwellTime":3e-06,
    "ImageOrientationPatientDICOM":[
        -0.0247884,
        0.970362,
        -0.240383,
        -0.00511116,
        -0.240577,
        -0.970617
    ],
    "InPlanePhaseEncodingDirectionDICOM":"ROW",
    "ConversionSoftware":"dcm2niix",
    "ConversionSoftwareVersion":"v1.0.20181125  (JP2:OpenJPEG) (JP-LS:CharLS) GCC5.5.0"
}