{
    "Modality":"MR",
    "MagneticFieldStrength":3,
    "ImagingFrequency":123.254,
    "Manufacturer":"Siemens",
    "ManufacturersModelName":"Prisma_fit",
    "InstitutionName":"MIT",
    "InstitutionalDepartmentName":"Department",
    "InstitutionAddress":"Vassar_Street_43_Cambridge_Boston_US_02139",
    "DeviceSerialNumber":"167012",
    "StationName":"MRC35115",
    "BodyPartExamined":"BRAIN",
    "PatientPosition":"HFS",
    "ProcedureStepDescription":"Young_Emily",
    "SoftwareVersions":"syngo_MR_E11",
    "MRAcquisitionType":"3D",
    "SeriesDescription":"T1w_MPRAGE_FourEcho_vNav_RMS",
    "ProtocolName":"T1w_MPRAGE_FourEcho_vNav",
    "ScanningSequence":"GR_IR",
    "SequenceVariant":"SK_SP_MP",
    "ScanOptions":"IR_WE",
    "SequenceName":"tfl3d4_16ns",
    "ImageType":[
        "ORIGINAL",
        "PRIMARY",
        "OTHER",
        "ND",
        "NORM",
        "MEAN"
    ],
    "SeriesNumber":10,
    "AcquisitionTime":"15:52:33.752500",
    "AcquisitionNumber":1,
    "SliceThickness":1,
    "SAR":0.0382566,
    "EchoTime":0.00169,
    "RepetitionTime":2.53,
    "InversionTime":1.4,
    "FlipAngle":7,
    "PartialFourier":1,
    "BaseResolution":256,
    "ShimSetting":[
        -5594,
        -1552,
        3158,
        441,
        26,
        -33,
        37,
        -61
    ],
    "TxRefAmp":221.265,
    "PhaseResolution":1,
    "ReceiveCoilName":"Head_32",
    "ReceiveCoilActiveElements":"HEA;HEP",
    "PulseSequenceDetails":"%CustomerSeq%_tfl_mgh_epinav_ABCD",
    "WipMemBlock":"Prisma_epi_moco_navigator_ABCD_tfl.prot",
    "ConsistencyInfo":"N4_VE11C_LATEST_20160120",
    "PercentPhaseFOV":100,
    "PhaseEncodingSteps":255,
    "AcquisitionMatrixPE":256,
    "ReconMatrixPE":256,
    "PixelBandwidth":650,
    "DwellTime":3e-06,
    "ImageOrientationPatientDICOM":[
        0.0620845,
        0.993571,
        0.0946712,
        0.0588096,
        0.0910477,
        -0.994108
    ],
    "InPlanePhaseEncodingDirectionDICOM":"ROW",
    "ConversionSoftware":"dcm2niix",
    "ConversionSoftwareVersion":"v1.0.20181125  (JP2:OpenJPEG) (JP-LS:CharLS) GCC5.5.0"
}