{
    "Modality":"MR",
    "MagneticFieldStrength":3,
    "ImagingFrequency":123.254,
    "Manufacturer":"Siemens",
    "ManufacturersModelName":"Prisma_fit",
    "InstitutionName":"McGovern_Institute_for_Brain_Research_(3T1)",
    "InstitutionalDepartmentName":"Department",
    "InstitutionAddress":"Vassar_Street_43_Cambridge_Boston_US_02139",
    "DeviceSerialNumber":"167012",
    "StationName":"MRC35115",
    "BodyPartExamined":"BRAIN",
    "PatientPosition":"HFS",
    "ProcedureStepDescription":"Young_Emily",
    "SoftwareVersions":"syngo_MR_E11",
    "MRAcquisitionType":"2D",
    "SeriesDescription":"FIRSTTHIRD",
    "ProtocolName":"FIRSTTHIRD",
    "ScanningSequence":"EP",
    "SequenceVariant":"SK",
    "ScanOptions":"FS",
    "SequenceName":"_epfid2d1_70",
    "ImageType":[
        "ORIGINAL",
        "PRIMARY",
        "M",
        "ND",
        "MOSAIC"
    ],
    "SeriesNumber":25,
    "AcquisitionTime":"10:02:58.262500",
    "AcquisitionNumber":1,
    "SliceThickness":3,
    "SpacingBetweenSlices":3.54,
    "SAR":0.12357,
    "EchoTime":0.03,
    "RepetitionTime":2,
    "FlipAngle":90,
    "PartialFourier":1,
    "BaseResolution":70,
    "ShimSetting":[
        -5603,
        -1435,
        3115,
        317,
        0,
        153,
        -88,
        6
    ],
    "TxRefAmp":254.52,
    "PhaseResolution":1,
    "ReceiveCoilName":"Head_32",
    "ReceiveCoilActiveElements":"HEA;HEP",
    "PulseSequenceDetails":"%SiemensSeq%_ep2d_pace",
    "ConsistencyInfo":"N4_VE11C_LATEST_20160120",
    "PercentPhaseFOV":100,
    "EchoTrainLength":35,
    "PhaseEncodingSteps":70,
    "AcquisitionMatrixPE":70,
    "ReconMatrixPE":70,
    "BandwidthPerPixelPhaseEncode":57.143,
    "ParallelReductionFactorInPlane":2,
    "EffectiveEchoSpacing":0.000249999,
    "DerivedVendorReportedEchoSpacing":0.000499999,
    "TotalReadoutTime":0.01725,
    "PixelBandwidth":2380,
    "DwellTime":3e-06,
    "PhaseEncodingDirection":"j-",
    "SliceTiming":[
        0,
        0.055,
        0.11,
        0.165,
        0.22,
        0.275,
        0.33,
        0.385,
        0.44,
        0.495,
        0.55,
        0.605,
        0.66,
        0.715,
        0.77,
        0.825,
        0.88,
        0.935,
        0.99,
        1.045,
        1.1,
        1.155,
        1.21,
        1.265,
        1.32,
        1.375,
        1.43,
        1.485,
        1.54,
        1.595,
        1.65,
        1.705,
        1.76,
        1.815,
        1.87,
        1.925
    ],
    "ImageOrientationPatientDICOM":[
        0.999359,
        0.0356176,
        -0.00352267,
        -0.0341999,
        0.921261,
        -0.387438
    ],
    "InPlanePhaseEncodingDirectionDICOM":"COL",
    "ConversionSoftware":"dcm2niix",
    "ConversionSoftwareVersion":"v1.0.20181125  (JP2:OpenJPEG) (JP-LS:CharLS) GCC5.5.0",
    "TaskName":"firstthird"
}